GEM
  remote: https://rubygems.org/
  specs:
    concurrent-ruby (1.1.10)
    faker (2.23.0)
      i18n (>= 1.8.11, < 2)
    i18n (1.12.0)
      concurrent-ruby (~> 1.0)
    minitest (5.16.3)

PLATFORMS
  x64-mingw-ucrt

DEPENDENCIES
  faker (~> 2.23)
  minitest

BUNDLED WITH
   2.3.7
